PATH
  remote: .
  specs:
    classyfier (0.1.2)

GEM
  remote: http://rubygems.org/
  specs:
    shoulda (3.0.1)
      shoulda-context (~> 1.0.0)
      shoulda-matchers (~> 1.0.0)
    shoulda-context (1.0.0)
    shoulda-matchers (1.0.0)

PLATFORMS
  ruby

DEPENDENCIES
  classyfier!
  shoulda
